GEM
  remote: https://rubygems.org/
  specs:
    coderay (1.1.2)
    haml (5.1.1)
      temple (>= 0.8.0)
      tilt
    method_source (0.9.2)
    pry (0.12.2)
      coderay (~> 1.1.0)
      method_source (~> 0.9.0)
    pry-doc (1.0.0)
      pry (~> 0.11)
      yard (~> 0.9.11)
    rake (12.3.3)
    rouge (3.3.0)
    temple (0.8.1)
    tilt (2.0.9)
    yard (0.9.19)

PLATFORMS
  ruby

DEPENDENCIES
  haml
  pry
  pry-doc
  rake
  rouge

BUNDLED WITH
   2.0.1
